GIT
  remote: git://github.com/bryanlarsen/hobo_bootstrap.git
  revision: 06c1d8a0559890b769a6812adf830017a5038fc9
  specs:
    hobo_bootstrap (1.4.0.pre7)
      hobo (~> 1.4.0.pre7)

GIT
  remote: git://github.com/bryanlarsen/will_paginate
  revision: 3096f88403096f7207c4c3ede0a8bb7c344bb78a
  specs:
    will_paginate (3.0.3)

GIT
  remote: git://github.com/tablatom/hobo.git
  revision: 02e607fa8666a0982f94c48545e00766a64f9522
  specs:
    dryml (1.4.0.pre9)
      actionpack (~> 3.2.0)
      hobo_support (= 1.4.0.pre9)
    hobo (1.4.0.pre9)
      dryml (= 1.4.0.pre9)
      hobo_fields (= 1.4.0.pre9)
      hobo_support (= 1.4.0.pre9)
      will_paginate (~> 3.0.0)
    hobo_clean (1.4.0.pre9)
      hobo (= 1.4.0.pre9)
    hobo_fields (1.4.0.pre9)
      hobo_support (= 1.4.0.pre9)
    hobo_jquery (1.4.0.pre9)
      hobo (= 1.4.0.pre9)
      jquery-rails (~> 2.0)
    hobo_jquery_ui (1.4.0.pre9)
      hobo (= 1.4.0.pre9)
      hobo_jquery (= 1.4.0.pre9)
      jquery-ui-themes (~> 0.0.4)
    hobo_rapid (1.4.0.pre9)
      hobo (= 1.4.0.pre9)
    hobo_support (1.4.0.pre9)
      rails (~> 3.2.0)

GIT
  remote: http://github.com/wyuenho/compass-twitter-bootstrap
  revision: a05019a303531d92b9e6a7cf2c7dfca980f67e27
  specs:
    compass_twitter_bootstrap (2.0.4)
      compass

GEM
  remote: http://rubygems.org/
  specs:
    actionmailer (3.2.6)
      actionpack (= 3.2.6)
      mail (~> 2.4.4)
    actionpack (3.2.6)
      activemodel (= 3.2.6)
      activesupport (= 3.2.6)
      builder (~> 3.0.0)
      erubis (~> 2.7.0)
      journey (~> 1.0.1)
      rack (~> 1.4.0)
      rack-cache (~> 1.2)
      rack-test (~> 0.6.1)
      sprockets (~> 2.1.3)
    activemodel (3.2.6)
      activesupport (= 3.2.6)
      builder (~> 3.0.0)
    activerecord (3.2.6)
      activemodel (= 3.2.6)
      activesupport (= 3.2.6)
      arel (~> 3.0.2)
      tzinfo (~> 0.3.29)
    activeresource (3.2.6)
      activemodel (= 3.2.6)
      activesupport (= 3.2.6)
    activesupport (3.2.6)
      i18n (~> 0.6)
      multi_json (~> 1.0)
    acts_as_list (0.1.7)
    ansi (1.4.3)
    arel (3.0.2)
    builder (3.0.0)
    chunky_png (1.2.5)
    coffee-rails (3.2.2)
      coffee-script (>= 2.2.0)
      railties (~> 3.2.0)
    coffee-script (2.2.0)
      coffee-script-source
      execjs
    coffee-script-source (1.3.3)
    columnize (0.3.6)
    compass (0.12.2)
      chunky_png (~> 1.2)
      fssm (>= 0.2.7)
      sass (~> 3.1)
    compass-rails (1.0.3)
      compass (>= 0.12.2, < 0.14)
    debugger (1.2.0)
      columnize (>= 0.3.1)
      debugger-linecache (~> 1.1.1)
      debugger-ruby_core_source (~> 1.1.3)
    debugger-linecache (1.1.2)
      debugger-ruby_core_source (>= 1.1.1)
    debugger-ruby_core_source (1.1.3)
    erubis (2.7.0)
    execjs (1.4.0)
      multi_json (~> 1.0)
    fssm (0.2.9)
    geocoder (1.1.2)
    hike (1.2.1)
    httparty (0.8.3)
      multi_json (~> 1.0)
      multi_xml
    i18n (0.6.0)
    journey (1.0.4)
    jquery-rails (2.0.2)
      railties (>= 3.2.0, < 5.0)
      thor (~> 0.14)
    jquery-ui-themes (0.0.6)
      httparty
    json (1.7.4)
    libv8 (3.3.10.4)
    mail (2.4.4)
      i18n (>= 0.4.0)
      mime-types (~> 1.16)
      treetop (~> 1.4.8)
    mime-types (1.19)
    multi_json (1.3.6)
    multi_xml (0.5.1)
    pg (0.14.0)
    pg (0.14.0-x86-mingw32)
    polyglot (0.3.3)
    rack (1.4.1)
    rack-cache (1.2)
      rack (>= 0.4)
    rack-ssl (1.3.2)
      rack
    rack-test (0.6.1)
      rack (>= 1.0)
    rails (3.2.6)
      actionmailer (= 3.2.6)
      actionpack (= 3.2.6)
      activerecord (= 3.2.6)
      activeresource (= 3.2.6)
      activesupport (= 3.2.6)
      bundler (~> 1.0)
      railties (= 3.2.6)
    rails-dev-tweaks (0.6.1)
      actionpack (~> 3.1)
      railties (~> 3.1)
    railties (3.2.6)
      actionpack (= 3.2.6)
      activesupport (= 3.2.6)
      rack-ssl (~> 1.3.2)
      rake (>= 0.8.7)
      rdoc (~> 3.4)
      thor (>= 0.14.6, < 2.0)
    rake (0.9.2.2)
    rdoc (3.12)
      json (~> 1.4)
    sass (3.1.20)
    sass-rails (3.2.5)
      railties (~> 3.2.0)
      sass (>= 3.1.10)
      tilt (~> 1.3)
    sprockets (2.1.3)
      hike (~> 1.2)
      rack (~> 1.0)
      tilt (~> 1.1, != 1.3.0)
    sqlite3 (1.3.6)
    sqlite3 (1.3.6-x86-mingw32)
    therubyracer (0.10.1)
      libv8 (~> 3.3.10)
    thor (0.15.4)
    tilt (1.3.3)
    treetop (1.4.10)
      polyglot
      polyglot (>= 0.3.1)
    turn (0.8.3)
      ansi
    tzinfo (0.3.33)
    uglifier (1.2.6)
      execjs (>= 0.3.0)
      multi_json (~> 1.3)

PLATFORMS
  ruby
  x86-mingw32

DEPENDENCIES
  acts_as_list
  coffee-rails (~> 3.2.1)
  compass-rails
  compass_twitter_bootstrap!
  debugger
  dryml!
  geocoder
  hobo!
  hobo_bootstrap!
  hobo_clean!
  hobo_fields!
  hobo_jquery!
  hobo_jquery_ui!
  hobo_rapid!
  hobo_support!
  jquery-rails
  jquery-ui-themes (~> 0.0.4)
  pg
  rails (= 3.2.6)
  rails-dev-tweaks (~> 0.6.1)
  sass-rails (~> 3.2.3)
  sqlite3
  therubyracer
  turn (~> 0.8.3)
  uglifier (>= 1.0.3)
  will_paginate!
